GEM
  remote: https://rubygems.org/
  specs:
    nokogiri (1.12.5-x86_64-darwin)
      racc (~> 1.4)
    racc (1.6.0)

PLATFORMS
  x86_64-darwin-19

DEPENDENCIES
  nokogiri

BUNDLED WITH
   2.2.31
